GEM
  remote: https://rubygems.org/
  specs:
    docile (1.1.5)
    json (2.1.0)
    simplecov (0.15.1)
      docile (~> 1.1.0)
      json (>= 1.8, < 3)
      simplecov-html (~> 0.10.0)
    simplecov-html (0.10.2)
    terminal-table (1.8.0)
      unicode-display_width (~> 1.1, >= 1.1.1)
    unicode-display_width (1.3.0)

PLATFORMS
  ruby

DEPENDENCIES
  simplecov
  terminal-table

BUNDLED WITH
   1.16.0.pre.3
